GEM
  remote: https://rubygems.org/
  specs:
    concurrent-ruby (1.1.8)
    discordrb (3.4.0)
      discordrb-webhooks (~> 3.3.0)
      ffi (>= 1.9.24)
      opus-ruby
      rest-client (>= 2.0.0)
      websocket-client-simple (>= 0.3.0)
    discordrb-webhooks (3.3.0)
      rest-client (>= 2.1.0.rc1)
    domain_name (0.5.20190701)
      unf (>= 0.0.5, < 1.0.0)
    easy_logging (0.4.0)
    et-orbi (1.2.4)
      tzinfo
    event_emitter (0.2.6)
    ffi (1.15.0)
    fugit (1.4.4)
      et-orbi (~> 1.1, >= 1.1.8)
      raabro (~> 1.4)
    geode (0.1.0)
      pg
      redis
      sequel
    http-accept (1.7.0)
    http-cookie (1.0.3)
      domain_name (~> 0.5)
    marble_markdown (0.2)
    mime-types (3.3.1)
      mime-types-data (~> 3.2015)
    mime-types-data (3.2021.0225)
    mini_portile2 (2.5.0)
    netrc (0.11.0)
    nokogiri (1.11.3)
      mini_portile2 (~> 2.5.0)
      racc (~> 1.4)
    opus-ruby (1.0.1)
      ffi
    pg (1.2.3)
    pidfile (0.3.0)
    raabro (1.4.0)
    racc (1.5.2)
    redis (4.5.0)
    rest-client (2.1.0)
      http-accept (>= 1.7.0, < 2.0)
      http-cookie (>= 1.0.2, < 2.0)
      mime-types (>= 1.16, < 4.0)
      netrc (~> 0.8)
    rufus-scheduler (3.7.0)
      fugit (~> 1.1, >= 1.1.6)
    sequel (5.49.0)
    tzinfo (2.0.4)
      concurrent-ruby (~> 1.0)
    tzinfo-data (1.2021.1)
      tzinfo (>= 1.0.0)
    unf (0.1.4)
      unf_ext
    unf_ext (0.0.7.7)
    websocket (1.2.9)
    websocket-client-simple (0.3.0)
      event_emitter
      websocket

PLATFORMS
  ruby

DEPENDENCIES
  discordrb
  easy_logging
  geode (~> 0.1.0)
  marble_markdown
  nokogiri
  pidfile
  redis (~> 4.5)
  rufus-scheduler
  tzinfo-data

RUBY VERSION
   ruby 2.7.1p83

BUNDLED WITH
   2.2.15
